GEM
  remote: https://rubygems.org/
  specs:
    dotenv (2.0.2)
    mail (2.6.3)
      mime-types (>= 1.16, < 3)
    mime-types (2.6.2)
    minitest (5.7.0)
    minitest-power_assert (0.2.0)
      minitest
      power_assert
    power_assert (0.2.4)

PLATFORMS
  ruby

DEPENDENCIES
  dotenv
  mail
  minitest
  minitest-power_assert

BUNDLED WITH
   1.10.3
